PATH
  remote: .
  specs:
    rsolr (1.0.4)

GEM
  remote: http://rubygems.org/
  specs:
    builder (2.1.2)
    diff-lcs (1.1.3)
    rake (0.9.2.2)
    rdoc (3.9.4)
    rspec (2.6.0)
      rspec-core (~> 2.6.0)
      rspec-expectations (~> 2.6.0)
      rspec-mocks (~> 2.6.0)
    rspec-core (2.6.4)
    rspec-expectations (2.6.0)
      diff-lcs (~> 1.1.2)
    rspec-mocks (2.6.0)

PLATFORMS
  ruby

DEPENDENCIES
  builder (~> 2.1.2)
  rake (~> 0.9.2)
  rdoc (~> 3.9.4)
  rsolr!
  rspec (~> 2.6.0)
